GEM
  remote: https://rubygems.org/
  specs:
    colored (1.2)
    command_line_reporter (3.3.6)
      colored (>= 1.2)
    domain_name (0.5.20160310)
      unf (>= 0.0.5, < 1.0.0)
    filewatcher (0.5.3)
      trollop (~> 2.0)
    http-cookie (1.0.2)
      domain_name (~> 0.5)
    mime-types (2.99.1)
    netrc (0.11.0)
    rest-client (1.8.0)
      http-cookie (>= 1.0.2, < 2.0)
      mime-types (>= 1.16, < 3.0)
      netrc (~> 0.7)
    rusic (2.0.0)
      command_line_reporter (~> 3.3)
      filewatcher (~> 0.3)
      rest-client (~> 1.6)
      thor (~> 0.14)
    thor (0.19.1)
    trollop (2.1.2)
    unf (0.1.4)
      unf_ext
    unf_ext (0.0.7.2)

PLATFORMS
  ruby

DEPENDENCIES
  rusic (>= 2.0)
